GEM
  remote: https://rubygems.org/
  specs:
    chunky_png (1.3.5)
    colorize (0.7.7)

PLATFORMS
  ruby

DEPENDENCIES
  chunky_png
  colorize

BUNDLED WITH
   1.11.2
